GEM
  remote: https://rubygems.org/
  specs:
    blankslate (2.1.2.4)
    breakpoint (2.4.2)
      sass (~> 3.3.0)
      sassy-maps (< 1.0.0)
    chunky_png (1.3.1)
    colorize (0.7.3)
    compass (1.0.0.alpha.19)
      chunky_png (~> 1.2)
      compass-core (~> 1.0.0.alpha.19)
      compass-import-once (~> 1.0.3)
      json
      listen (~> 1.1.0)
      sass (>= 3.3.0, < 3.5)
    compass-core (1.0.0.alpha.19)
      multi_json (~> 1.0)
      sass (>= 3.3.0, < 3.5)
    compass-import-once (1.0.4)
      sass (>= 3.2, < 3.5)
    csscss (1.3.2)
      colorize
      parslet (~> 1.5)
    ffi (1.9.3)
    json (1.8.1)
    listen (1.1.6)
      rb-fsevent (>= 0.9.3)
      rb-inotify (>= 0.9)
      rb-kqueue (>= 0.2)
    multi_json (1.10.0)
    parslet (1.6.0)
      blankslate (~> 2.0)
    rb-fsevent (0.9.4)
    rb-inotify (0.9.4)
      ffi (>= 0.5.0)
    rb-kqueue (0.2.2)
      ffi (>= 0.5.0)
    sass (3.3.7)
    sass-globbing (1.1.1)
      sass (>= 3.1)
    sassy-maps (0.3.2)
      compass (~> 1.0.0.alpha.13)
      sass (~> 3.3.0.rc.2)
    sassy-strings (1.0.0)
      compass (>= 0.12.2)
    susy (2.0.0)
      sass (~> 3.3.0)

PLATFORMS
  ruby

DEPENDENCIES
  breakpoint (~> 2.4.1)
  compass (~> 1.0.0.alpha.18)
  csscss (~> 1.3.2)
  sass (~> 3.3.0.rc.5)
  sass-globbing (~> 1.1.0)
  sassy-strings (~> 1.0.0)
  susy (~> 2.0.0.rc.1)
